GEM
  remote: https://rubygems.org/
  specs:
    activemodel (3.2.22.5)
      activesupport (= 3.2.22.5)
      builder (~> 3.0.0)
    activerecord (3.2.22.5)
      activemodel (= 3.2.22.5)
      activesupport (= 3.2.22.5)
      arel (~> 3.0.2)
      tzinfo (~> 0.3.29)
    activerecord-import (0.2.9)
      activerecord (~> 3.0)
    activerecord-postgresql-adapter (0.0.1)
      pg
    activesupport (3.2.22.5)
      i18n (~> 0.6, >= 0.6.4)
      multi_json (~> 1.0)
    arel (3.0.3)
    builder (3.0.4)
    concurrent-ruby (1.1.10)
    foreigner (1.2.0)
      activerecord (>= 3.0.0)
    i18n (0.9.5)
      concurrent-ruby (~> 1.0)
    log4r (1.1.10)
    multi_json (1.15.0)
    pg (0.14.0)
    tzinfo (0.3.60)

PLATFORMS
  ruby

DEPENDENCIES
  activerecord
  activerecord-import
  activerecord-postgresql-adapter
  foreigner
  log4r
  pg
