GEM
  remote: https://rubygems.org/
  specs:
    activemodel (3.2.7)
      activesupport (= 3.2.7)
      builder (~> 3.0.0)
    activerecord (3.2.7)
      activemodel (= 3.2.7)
      activesupport (= 3.2.7)
      arel (~> 3.0.2)
      tzinfo (~> 0.3.29)
    activerecord-import (0.2.9)
      activerecord (~> 3.0)
      activerecord (~> 3.0)
    activerecord-postgresql-adapter (0.0.1)
      pg
    activesupport (3.2.7)
      i18n (~> 0.6)
      multi_json (~> 1.0)
    arel (3.0.2)
    builder (3.0.0)
    foreigner (1.2.0)
      activerecord (>= 3.0.0)
    i18n (0.6.0)
    log4r (1.1.10)
    multi_json (1.3.6)
    pg (0.14.0)
    tzinfo (0.3.33)

PLATFORMS
  ruby

DEPENDENCIES
  activerecord
  activerecord-import
  activerecord-postgresql-adapter
  foreigner
  log4r
  pg
